ObjectType = Image
NDims = 3
BinaryData = True
BinaryDataByteOrderMSB = False
CompressedData = False
TransformMatrix = 1 0 0 0 1 0 0 0 1
Offset = 0 0 0
CenterOfRotation = 0 0 0
AnatomicalOrientation = RAI
ElementSpacing = 0.0064999999999999997 0.0064999999999999997 0.0064999999999999997
ITK_InputFilterName = MetaImageIO
ITK_original_direction = 1 0 0 0 1 0 0 0 1
ITK_original_spacing = 0.0065 0.0065 0.0065
DimSize = 300 300 430
ElementType = MET_USHORT
ElementDataFile = TB11-L10-VOI3Updated.raw
